GEM
  remote: https://rubygems.org/
  specs:
    ansi (1.5.0)
    hashie (4.1.0)
    itamae (1.10.6)
      ansi
      hashie
      schash (~> 0.1.0)
      specinfra (>= 2.64.0, < 3.0.0)
      thor
    itamae-plugin-recipe-docker (0.2.3)
      itamae (>= 1.6)
    itamae-plugin-recipe-nodenv (0.1.0)
    itamae-plugin-recipe-rbenv (0.8.6)
      itamae (~> 1.2)
    net-scp (2.0.0)
      net-ssh (>= 2.6.5, < 6.0.0)
    net-ssh (5.2.0)
    net-telnet (0.1.1)
    schash (0.1.2)
    sfl (2.3)
    specinfra (2.82.12)
      net-scp
      net-ssh (>= 2.7)
      net-telnet (= 0.1.1)
      sfl
    thor (1.0.1)

PLATFORMS
  ruby

DEPENDENCIES
  itamae
  itamae-plugin-recipe-docker
  itamae-plugin-recipe-nodenv
  itamae-plugin-recipe-rbenv

BUNDLED WITH
   2.1.2
